GEM
  remote: http://rubygems.org/
  specs:
    addressable (2.2.8)
    async_sinatra (0.5.0)
      rack (>= 1.2.1)
      sinatra (>= 1.0)
    bson (1.6.2)
    bson_ext (1.6.2)
      bson (~> 1.6.2)
    caldecott (0.0.5)
      addressable (~> 2.2.6)
      async_sinatra (~> 0.5.0)
      em-http-request (~> 0.3.0)
      em-websocket (~> 0.3.1)
      uuidtools (~> 2.1.2)
    cfoundry (0.3.27)
      json_pure (~> 1.6.5)
      rest-client (~> 1.6.1)
      rubyzip (~> 0.9.5)
    cli (1.1.1)
    diff-lcs (1.1.3)
    em-http-request (0.3.0)
      addressable (>= 2.0.0)
      escape_utils
      eventmachine (>= 0.12.9)
    em-websocket (0.3.6)
      addressable (>= 2.1.1)
      eventmachine (>= 0.12.9)
    escape_utils (0.2.4)
    eventmachine (0.12.10)
    interact (0.4.2)
    json_pure (1.6.7)
    mime-types (1.18)
    mongo (1.6.2)
      bson (~> 1.6.2)
    multi_json (1.3.6)
    nokogiri (1.5.2)
    progressbar (0.11.0)
    rack (1.4.1)
    rack-protection (1.2.0)
      rack
    rake (0.9.2.2)
    rb-readline (0.4.2)
    rest-client (1.6.7)
      mime-types (>= 1.16)
    rspec (2.10.0)
      rspec-core (~> 2.10.0)
      rspec-expectations (~> 2.10.0)
      rspec-mocks (~> 2.10.0)
    rspec-core (2.10.1)
    rspec-expectations (2.10.0)
      diff-lcs (~> 1.1.3)
    rspec-mocks (2.10.1)
    rspec_parallel (0.1.4)
      progressbar (>= 0.11.0)
    rubyzip (0.9.8)
    sinatra (1.3.2)
      rack (~> 1.3, >= 1.3.6)
      rack-protection (~> 1.2)
      tilt (~> 1.3, >= 1.3.3)
    terminal-table (1.4.5)
    tilt (1.3.3)
    uuidtools (2.1.2)
    vcap_logging (1.0.0)
      rake
    vmc (0.3.18)
      addressable (~> 2.2.6)
      interact (~> 0.4.0)
      json_pure (>= 1.5.1, < 1.7.0)
      rb-readline (~> 0.4.2)
      rest-client (>= 1.6.1, < 1.7.0)
      rubyzip (~> 0.9.4)
      terminal-table (~> 1.4.2)
      uuidtools (~> 2.1.0)
    yajl-ruby (1.1.0)

PLATFORMS
  ruby

DEPENDENCIES
  bson_ext
  caldecott
  cfoundry (~> 0.3.27)
  cli
  interact
  mongo
  multi_json
  nokogiri
  rake
  rest-client
  rspec
  rspec_parallel (>= 0.1.4)
  vcap_logging (>= 1.0)
  vmc (~> 0.3.18)
  yajl-ruby
