GEM
  remote: http://rubygems.org/
  specs:
    activesupport (3.2.9)
      i18n (~> 0.6)
      multi_json (~> 1.0)
    addressable (2.2.8)
    async_sinatra (0.5.0)
      rack (>= 1.2.1)
      sinatra (>= 1.0)
    bson (1.8.0)
      activesupport
    bson_ext (1.8.0)
      bson (~> 1.8.0)
    caldecott (0.0.5)
      addressable (~> 2.2.6)
      async_sinatra (~> 0.5.0)
      em-http-request (~> 0.3.0)
      em-websocket (~> 0.3.1)
      json (~> 1.6.1)
      uuidtools (~> 2.1.2)
    cfoundry (0.4.16)
      multi_json (~> 1.3)
      multipart-post (~> 1.1)
      rubyzip (~> 0.9)
    console-vmc-plugin (0.0.4)
      tunnel-vmc-plugin (~> 0.1.8)
    curb (0.8.3)
    diff-lcs (1.1.3)
    em-http-request (0.3.0)
      addressable (>= 2.0.0)
      escape_utils
      eventmachine (>= 0.12.9)
    em-websocket (0.3.8)
      addressable (>= 2.1.1)
      eventmachine (>= 0.12.9)
    escape_utils (0.2.4)
    eventmachine (1.0.0)
    fuubar (1.1.0)
      rspec (~> 2.0)
      rspec-instafail (~> 0.2.0)
      ruby-progressbar (~> 1.0.0)
    i18n (0.6.1)
    interact (0.5.0)
    json (1.6.7)
    mime-types (1.19)
    mongo (1.8.0)
      bson (~> 1.8.0)
    multi_json (1.5.0)
    multipart-post (1.1.5)
    nokogiri (1.5.5)
    progressbar (0.11.0)
    rack (1.4.1)
    rack-protection (1.3.1)
      rack
    rake (10.0.2)
    rest-client (1.6.7)
      mime-types (>= 1.16)
    rspec (2.12.0)
      rspec-core (~> 2.12.0)
      rspec-expectations (~> 2.12.0)
      rspec-mocks (~> 2.12.0)
    rspec-core (2.12.1)
    rspec-expectations (2.12.0)
      diff-lcs (~> 1.1.3)
    rspec-instafail (0.2.4)
    rspec-mocks (2.12.0)
    rspec_parallel (0.1.6)
      progressbar (>= 0.11.0)
    ruby-progressbar (1.0.2)
    rubyzip (0.9.9)
    sinatra (1.3.3)
      rack (~> 1.3, >= 1.3.6)
      rack-protection (~> 1.2)
      tilt (~> 1.3, >= 1.3.3)
    tilt (1.3.3)
    tunnel-vmc-plugin (0.1.10)
      addressable (~> 2.2.6)
      caldecott (~> 0.0.5)
      cfoundry (~> 0.4.0)
      eventmachine (~> 1.0.0.beta)
      rest-client (~> 1.6.7)
    uuidtools (2.1.3)
    vcap_logging (1.0.0)
      rake
    yajl-ruby (1.1.0)

PLATFORMS
  ruby

DEPENDENCIES
  bson_ext
  caldecott
  cfoundry (= 0.4.16)
  console-vmc-plugin
  curb
  fuubar
  interact
  mongo
  nokogiri
  progressbar (~> 0.11.0)
  rake
  rest-client
  rspec
  rspec_parallel (>= 0.1.6)
  vcap_logging (>= 1.0)
  yajl-ruby
