GEM
  remote: http://rubygems.org/
  specs:
    addressable (2.2.8)
    archive-tar-minitar (0.5.2)
    async_sinatra (0.5.0)
      rack (>= 1.2.1)
      sinatra (>= 1.0)
    bson (1.7.1)
    bson_ext (1.7.1)
      bson (~> 1.7.1)
    builder (3.1.4)
    caldecott (0.0.5)
      addressable (~> 2.2.6)
      async_sinatra (~> 0.5.0)
      em-http-request (~> 0.3.0)
      em-websocket (~> 0.3.1)
      json (~> 1.6.1)
      uuidtools (~> 2.1.2)
    cfoundry (0.4.0)
      multi_json (~> 1.3.6)
      multipart-post (~> 1.1.0)
      rubyzip (~> 0.9.9)
    ci_reporter (1.7.3)
      builder (>= 2.1.2)
    cli (1.1.1)
    clouseau (0.0.2)
      rubyzip (~> 0.9.9)
    columnize (0.3.6)
    console-vmc-plugin (0.0.4)
      tunnel-vmc-plugin (~> 0.1.8)
    curb (0.8.3)
    diff-lcs (1.1.3)
    em-http-request (0.3.0)
      addressable (>= 2.0.0)
      escape_utils
      eventmachine (>= 0.12.9)
    em-websocket (0.3.8)
      addressable (>= 2.1.1)
      eventmachine (>= 0.12.9)
    escape_utils (0.2.4)
    eventmachine (1.0.0)
    fuubar (1.1.0)
      rspec (~> 2.0)
      rspec-instafail (~> 0.2.0)
      ruby-progressbar (~> 1.0.0)
    interact (0.5.0)
    json (1.6.7)
    json_pure (1.6.7)
    linecache19 (0.5.12)
      ruby_core_source (>= 0.1.4)
    manifests-vmc-plugin (0.4.13)
      cfoundry (~> 0.4.0)
    mime-types (1.19)
    mongo (1.7.1)
      bson (~> 1.7.1)
    mothership (0.3.0)
    multi_json (1.3.7)
    multipart-post (1.1.5)
    nokogiri (1.5.5)
    progressbar (0.11.0)
    rack (1.4.1)
    rack-protection (1.2.0)
      rack
    rake (10.0.2)
    rest-client (1.6.7)
      mime-types (>= 1.16)
    rspec (2.12.0)
      rspec-core (~> 2.12.0)
      rspec-expectations (~> 2.12.0)
      rspec-mocks (~> 2.12.0)
    rspec-core (2.12.0)
    rspec-expectations (2.12.0)
      diff-lcs (~> 1.1.3)
    rspec-instafail (0.2.4)
    rspec-mocks (2.12.0)
    ruby-debug-base19 (0.11.25)
      columnize (>= 0.3.1)
      linecache19 (>= 0.5.11)
      ruby_core_source (>= 0.1.4)
    ruby-debug19 (0.11.6)
      columnize (>= 0.3.1)
      linecache19 (>= 0.5.11)
      ruby-debug-base19 (>= 0.11.19)
    ruby-progressbar (1.0.2)
    ruby_core_source (0.1.5)
      archive-tar-minitar (>= 0.5.2)
    rubyzip (0.9.9)
    sinatra (1.3.3)
      rack (~> 1.3, >= 1.3.6)
      rack-protection (~> 1.2)
      tilt (~> 1.3, >= 1.3.3)
    tilt (1.3.3)
    tunnel-dummy-vmc-plugin (0.0.2)
      cfoundry (~> 0.4.0)
    tunnel-vmc-plugin (0.1.9)
      addressable (~> 2.2.6)
      caldecott (~> 0.0.5)
      cfoundry (~> 0.4.0)
      eventmachine (~> 1.0.0.beta)
    uuidtools (2.1.3)
    vcap_logging (1.0.0)
      rake
    vmc (0.4.0)
      cfoundry (~> 0.4.0)
      clouseau (~> 0.0.2)
      interact (~> 0.5.0)
      json_pure (~> 1.6.5)
      manifests-vmc-plugin (~> 0.4.13)
      mothership (~> 0.3.0)
      multi_json (~> 1.3.6)
      tunnel-dummy-vmc-plugin (~> 0.0.2)
    yajl-ruby (1.1.0)

PLATFORMS
  ruby

DEPENDENCIES
  bson_ext
  cfoundry (>= 0.4.0)
  ci_reporter
  cli
  console-vmc-plugin
  curb
  fuubar
  interact
  mongo
  nokogiri
  progressbar (~> 0.11.0)
  rake
  rest-client
  rspec
  ruby-debug19
  vcap_logging (>= 1.0)
  vmc
  yajl-ruby
